GIT
  remote: git://github.com/roots/capistrano-grunt.git
  revision: 9b732e696fa9b78e75faa42c51c674eb6114b5c8
  specs:
    capistrano-grunt (0.0.4)
      capistrano (>= 3.0.0.pre)

GEM
  remote: https://rubygems.org/
  specs:
    capistrano (3.1.0)
      i18n
      rake (>= 10.0.0)
      sshkit (~> 1.3)
    capistrano-npm (1.0.0)
      capistrano (>= 3.0.0.pre)
    capistrano-nvm (0.0.3)
      capistrano (~> 3.1)
    chunky_png (1.3.0)
    compass (0.12.4)
      chunky_png (~> 1.2)
      fssm (>= 0.2.7)
      sass (~> 3.2.17)
    fssm (0.2.10)
    i18n (0.6.9)
    net-scp (1.1.2)
      net-ssh (>= 2.6.5)
    net-ssh (2.8.0)
    rake (10.1.1)
    rvm1-capistrano3 (1.2.2)
      capistrano (~> 3.0)
      sshkit (>= 1.2)
    sass (3.2.18)
    sshkit (1.3.0)
      net-scp (>= 1.1.2)
      net-ssh
      term-ansicolor
    term-ansicolor (1.3.0)
      tins (~> 1.0)
    tins (1.0.1)

PLATFORMS
  ruby

DEPENDENCIES
  capistrano (~> 3.1.0)
  capistrano-grunt!
  capistrano-npm
  capistrano-nvm
  compass
  rake (~> 10.1.1)
  rvm1-capistrano3
  sass (~> 3.2.12)
